GEM
  remote: https://rubygems.org/
  specs:
    actioncable (7.0.8.7)
      actionpack (= 7.0.8.7)
      activesupport (= 7.0.8.7)
      nio4r (~> 2.0)
      websocket-driver (>= 0.6.1)
    actionmailbox (7.0.8.7)
      actionpack (= 7.0.8.7)
      activejob (= 7.0.8.7)
      activerecord (= 7.0.8.7)
      activestorage (= 7.0.8.7)
      activesupport (= 7.0.8.7)
      mail (>= 2.7.1)
      net-imap
      net-pop
      net-smtp
    actionmailer (7.0.8.7)
      actionpack (= 7.0.8.7)
      actionview (= 7.0.8.7)
      activejob (= 7.0.8.7)
      activesupport (= 7.0.8.7)
      mail (~> 2.5, >= 2.5.4)
      net-imap
      net-pop
      net-smtp
      rails-dom-testing (~> 2.0)
    actionpack (7.0.8.7)
      actionview (= 7.0.8.7)
      activesupport (= 7.0.8.7)
      rack (~> 2.0, >= 2.2.4)
      rack-test (>= 0.6.3)
      rails-dom-testing (~> 2.0)
      rails-html-sanitizer (~> 1.0, >= 1.2.0)
    actiontext (7.0.8.7)
      actionpack (= 7.0.8.7)
      activerecord (= 7.0.8.7)
      activestorage (= 7.0.8.7)
      activesupport (= 7.0.8.7)
      globalid (>= 0.6.0)
      nokogiri (>= 1.8.5)
    actionview (7.0.8.7)
      activesupport (= 7.0.8.7)
      builder (~> 3.1)
      erubi (~> 1.4)
      rails-dom-testing (~> 2.0)
      rails-html-sanitizer (~> 1.1, >= 1.2.0)
    activejob (7.0.8.7)
      activesupport (= 7.0.8.7)
      globalid (>= 0.3.6)
    activemodel (7.0.8.7)
      activesupport (= 7.0.8.7)
    activerecord (7.0.8.7)
      activemodel (= 7.0.8.7)
      activesupport (= 7.0.8.7)
    activerecord-import (1.7.0)
      activerecord (>= 4.2)
    activestorage (7.0.8.7)
      actionpack (= 7.0.8.7)
      activejob (= 7.0.8.7)
      activerecord (= 7.0.8.7)
      activesupport (= 7.0.8.7)
      marcel (~> 1.0)
      mini_mime (>= 1.1.0)
    activesupport (7.0.8.7)
      concurrent-ruby (~> 1.0, >= 1.0.2)
      i18n (>= 1.6, < 2)
      minitest (>= 5.1)
      tzinfo (~> 2.0)
    addressable (2.8.6)
      public_suffix (>= 2.0.2, < 6.0)
    ast (2.4.2)
    bigdecimal (3.2.1)
    bootsnap (1.17.0)
      msgpack (~> 1.2)
    builder (3.3.0)
    bulk_insert (1.9.0)
      activerecord (>= 3.2.0)
    bullet (8.0.8)
      activesupport (>= 3.0.0)
      uniform_notifier (~> 1.11)
    concurrent-ruby (1.3.4)
    crack (0.4.5)
      rexml
    crass (1.0.6)
    date (3.4.1)
    debug (1.9.0)
      irb (~> 1.10)
      reline (>= 0.3.8)
    dotenv (2.8.1)
    dotenv-rails (2.8.1)
      dotenv (= 2.8.1)
      railties (>= 3.2)
    erubi (1.13.0)
    fast_jsonapi (1.5)
      activesupport (>= 4.2)
    geokit (1.14.0)
    geokit-rails (2.5.0)
      geokit (~> 1.5)
      rails (>= 3.0)
    globalid (1.2.1)
      activesupport (>= 6.1)
    gtfs (0.4.1)
      multi_json
      rake
      rubyzip (~> 1.1)
    gtfs-realtime-bindings (0.0.5)
      protobuf (>= 3.0)
    hashdiff (1.1.0)
    i18n (1.14.6)
      concurrent-ruby (~> 1.0)
    io-console (0.7.0)
    irb (1.10.1)
      rdoc
      reline (>= 0.3.8)
    json (2.7.1)
    language_server-protocol (3.17.0.3)
    loofah (2.23.1)
      crass (~> 1.0.2)
      nokogiri (>= 1.12.0)
    mail (2.8.1)
      mini_mime (>= 0.1.1)
      net-imap
      net-pop
      net-smtp
    marcel (1.0.4)
    method_source (1.0.0)
    middleware (0.1.0)
    mini_mime (1.1.5)
    minitest (5.25.4)
    msgpack (1.7.2)
    multi_json (1.15.0)
    mysql2 (0.5.5)
    net-imap (0.4.20)
      date
      net-protocol
    net-pop (0.1.2)
      net-protocol
    net-protocol (0.2.2)
      timeout
    net-smtp (0.4.0.1)
      net-protocol
    nio4r (2.7.3)
    nokogiri (1.18.9-arm64-darwin)
      racc (~> 1.4)
    nokogiri (1.18.9-x86_64-darwin)
      racc (~> 1.4)
    nokogiri (1.18.9-x86_64-linux-gnu)
      racc (~> 1.4)
    oj (3.16.11)
      bigdecimal (>= 3.0)
      ostruct (>= 0.2)
    ostruct (0.6.1)
    parallel (1.23.0)
    parser (3.2.2.4)
      ast (~> 2.4.1)
      racc
    protobuf (3.10.8)
      activesupport (>= 3.2)
      middleware
      thor
      thread_safe
    psych (5.1.2)
      stringio
    public_suffix (5.0.4)
    puma (5.6.9)
      nio4r (~> 2.0)
    racc (1.8.1)
    rack (2.2.14)
    rack-cors (2.0.2)
      rack (>= 2.0.0)
    rack-mini-profiler (3.3.1)
      rack (>= 1.2.0)
    rack-test (2.1.0)
      rack (>= 1.3)
    rails (7.0.8.7)
      actioncable (= 7.0.8.7)
      actionmailbox (= 7.0.8.7)
      actionmailer (= 7.0.8.7)
      actionpack (= 7.0.8.7)
      actiontext (= 7.0.8.7)
      actionview (= 7.0.8.7)
      activejob (= 7.0.8.7)
      activemodel (= 7.0.8.7)
      activerecord (= 7.0.8.7)
      activestorage (= 7.0.8.7)
      activesupport (= 7.0.8.7)
      bundler (>= 1.15.0)
      railties (= 7.0.8.7)
    rails-dom-testing (2.2.0)
      activesupport (>= 5.0.0)
      minitest
      nokogiri (>= 1.6)
    rails-html-sanitizer (1.6.1)
      loofah (~> 2.21)
      nokogiri (>= 1.15.7, != 1.16.7, != 1.16.6, != 1.16.5, != 1.16.4, != 1.16.3, != 1.16.2, != 1.16.1, != 1.16.0.rc1, != 1.16.0)
    railties (7.0.8.7)
      actionpack (= 7.0.8.7)
      activesupport (= 7.0.8.7)
      method_source
      rake (>= 12.2)
      thor (~> 1.0)
      zeitwerk (~> 2.5)
    rainbow (3.1.1)
    rake (13.1.0)
    rdoc (6.6.3.1)
      psych (>= 4.0.0)
    regexp_parser (2.8.3)
    reline (0.4.1)
      io-console (~> 0.5)
    rexml (3.4.2)
    rubocop (1.59.0)
      json (~> 2.3)
      language_server-protocol (>= 3.17.0)
      parallel (~> 1.10)
      parser (>= 3.2.2.4)
      rainbow (>= 2.2.2, < 4.0)
      regexp_parser (>= 1.8, < 3.0)
      rexml (>= 3.2.5, < 4.0)
      rubocop-ast (>= 1.30.0, < 2.0)
      ruby-progressbar (~> 1.7)
      unicode-display_width (>= 2.4.0, < 3.0)
    rubocop-ast (1.30.0)
      parser (>= 3.2.1.0)
    rubocop-rails (2.22.2)
      activesupport (>= 4.2.0)
      rack (>= 1.1)
      rubocop (>= 1.33.0, < 2.0)
      rubocop-ast (>= 1.30.0, < 2.0)
    ruby-progressbar (1.13.0)
    rubyzip (1.3.0)
    stringio (3.1.0)
    thor (1.4.0)
    thread_safe (0.3.6)
    timeout (0.4.3)
    tzinfo (2.0.6)
      concurrent-ruby (~> 1.0)
    unicode-display_width (2.5.0)
    uniform_notifier (1.17.0)
    webmock (3.19.1)
      addressable (>= 2.8.0)
      crack (>= 0.3.2)
      hashdiff (>= 0.4.0, < 2.0.0)
    websocket-driver (0.7.6)
      websocket-extensions (>= 0.1.0)
    websocket-extensions (0.1.5)
    will_paginate (3.3.1)
    zeitwerk (2.6.13)

PLATFORMS
  arm64-darwin-22
  arm64-darwin-23
  arm64-darwin-24
  x86_64-darwin-21
  x86_64-linux

DEPENDENCIES
  activerecord-import
  bootsnap
  bulk_insert (~> 1.9)
  bullet (~> 8.0)
  debug
  dotenv-rails
  fast_jsonapi (~> 1.5)
  geokit-rails (~> 2.3)
  gtfs
  gtfs-realtime-bindings
  mysql2 (~> 0.5)
  oj (~> 3.16)
  puma (~> 5.6)
  rack-cors
  rack-mini-profiler (~> 3.3)
  rails (~> 7.0.8)
  rexml (~> 3.4)
  rubocop (~> 1.34)
  rubocop-rails (~> 2.15)
  tzinfo-data
  webmock
  will_paginate (~> 3.3)

RUBY VERSION
   ruby 3.3.5p100

BUNDLED WITH
   2.4.12
